GEM
  specs:

PLATFORMS
  arm64-darwin-21
  x64-mingw-ucrt
  x86_64-darwin-19
  x86_64-linux

DEPENDENCIES

BUNDLED WITH
   2.3.9
