GEM
  specs:
    webrick (1.7.0)

PLATFORMS
  arm64-darwin-21
  x64-mingw-ucrt
  x86_64-darwin-19
  x86_64-linux

DEPENDENCIES
  webrick (~> 1.7)

BUNDLED WITH
   2.3.9
